PATH
  remote: .
  specs:
    SynchingFeeling (0.0.1)
      flickraw (~> 0.9)

GEM
  remote: http://rubygems.org/
  specs:
    coveralls (0.8.23)
      json (>= 1.8, < 3)
      simplecov (~> 0.16.1)
      term-ansicolor (~> 1.3)
      thor (>= 0.19.4, < 2.0)
      tins (~> 1.6)
    diff-lcs (1.5.0)
    docile (1.4.0)
    flickraw (0.9.10)
    json (2.6.3)
    rake (10.5.0)
    rspec (3.12.0)
      rspec-core (~> 3.12.0)
      rspec-expectations (~> 3.12.0)
      rspec-mocks (~> 3.12.0)
    rspec-core (3.12.2)
      rspec-support (~> 3.12.0)
    rspec-expectations (3.12.3)
      diff-lcs (>= 1.2.0, < 2.0)
      rspec-support (~> 3.12.0)
    rspec-mocks (3.12.5)
      diff-lcs (>= 1.2.0, < 2.0)
      rspec-support (~> 3.12.0)
    rspec-support (3.12.1)
    simplecov (0.16.1)
      docile (~> 1.1)
      json (>= 1.8, < 3)
      simplecov-html (~> 0.10.0)
    simplecov-html (0.10.2)
    sync (0.5.0)
    term-ansicolor (1.7.1)
      tins (~> 1.0)
    thor (1.2.2)
    tins (1.32.1)
      sync

PLATFORMS
  ruby

DEPENDENCIES
  SynchingFeeling!
  bundler (~> 2.0)
  coveralls (~> 0.8.23)
  rake (~> 10.1)
  rspec (~> 3.0)
  simplecov (~> 0.16.1)

BUNDLED WITH
   2.2.22
